GEM
  remote: https://rubygems.org/
  specs:
    concurrent-ruby (1.1.10)
    dotenv (2.5.0)
    facets (3.1.0)
    faker (1.9.1)
      i18n (>= 0.7)
    faraday (0.15.3)
      multipart-post (>= 1.2, < 3)
    i18n (1.12.0)
      concurrent-ruby (~> 1.0)
    jwt (2.1.0)
    mini_portile2 (2.3.0)
    multi_json (1.15.0)
    multipart-post (2.0.0)
    mustermann (3.0.0)
      ruby2_keywords (~> 0.0.1)
    nokogiri (1.8.4)
      mini_portile2 (~> 2.3.0)
    rack (2.2.4)
    rack-contrib (2.0.1)
      rack (~> 2.0)
    rack-protection (3.0.4)
      rack
    ruby2_keywords (0.0.5)
    sinatra (3.0.4)
      mustermann (~> 3.0)
      rack (~> 2.2, >= 2.2.4)
      rack-protection (= 3.0.4)
      tilt (~> 2.0)
    sinatra-contrib (3.0.4)
      multi_json
      mustermann (~> 3.0)
      rack-protection (= 3.0.4)
      sinatra (= 3.0.4)
      tilt (~> 2.0)
    tilt (2.0.11)
    twilio-ruby (5.13.0)
      faraday (~> 0.9)
      jwt (>= 1.5, <= 2.5)
      nokogiri (>= 1.6, < 2.0)

PLATFORMS
  ruby

DEPENDENCIES
  dotenv
  facets
  faker
  rack-contrib
  sinatra
  sinatra-contrib
  twilio-ruby (= 5.13.0)

BUNDLED WITH
   1.16.2
